GEM
  remote: https://rubygems.org/
  specs:
    activesupport (4.1.8)
      i18n (~> 0.6, >= 0.6.9)
      json (~> 1.7, >= 1.7.7)
      minitest (~> 5.1)
      thread_safe (~> 0.1)
      tzinfo (~> 1.1)
    cache_service (1.0.4)
      activesupport
      dalli (~> 0)
      logging (~> 0)
    dalli (0.11.2)
    diff-lcs (1.2.5)
    flexmock (1.3.3)
    i18n (0.6.11)
    json (1.8.1)
    lockfile (2.1.3)
    logging (0.9.8)
      flexmock (>= 0.8.2)
      lockfile (>= 1.4.3)
    minitest (5.4.3)
    rspec (3.1.0)
      rspec-core (~> 3.1.0)
      rspec-expectations (~> 3.1.0)
      rspec-mocks (~> 3.1.0)
    rspec-core (3.1.7)
      rspec-support (~> 3.1.0)
    rspec-expectations (3.1.2)
      diff-lcs (>= 1.2.0, < 2.0)
      rspec-support (~> 3.1.0)
    rspec-mocks (3.1.3)
      rspec-support (~> 3.1.0)
    rspec-support (3.1.2)
    thread_safe (0.3.4)
    tzinfo (1.2.2)
      thread_safe (~> 0.1)

PLATFORMS
  ruby

DEPENDENCIES
  cache_service
  rspec
