GEM
  remote: https://rubygems.org/
  specs:
    activesupport (4.2.1)
      i18n (~> 0.7)
      json (~> 1.7, >= 1.7.7)
      minitest (~> 5.1)
      thread_safe (~> 0.3, >= 0.3.4)
      tzinfo (~> 1.1)
    bones (3.8.3)
      little-plugger (~> 1.1)
      loquacious (~> 1.9)
      rake (~> 10.0)
      rdoc (~> 4.0)
    config_service (1.0.0)
      activesupport
      logging (~> 0)
    diff-lcs (1.2.5)
    flexmock (1.3.3)
    i18n (0.7.0)
    json (1.8.2)
    json (1.8.2-java)
    little-plugger (1.1.3)
    lockfile (2.1.3)
    logging (0.9.8)
      bones (>= 2.5.0)
      flexmock (>= 0.8.2)
      lockfile (>= 1.4.3)
    loquacious (1.9.1)
    minitest (5.5.1)
    rake (10.4.2)
    rdoc (4.2.0)
      json (~> 1.4)
    rspec (3.2.0)
      rspec-core (~> 3.2.0)
      rspec-expectations (~> 3.2.0)
      rspec-mocks (~> 3.2.0)
    rspec-core (3.2.3)
      rspec-support (~> 3.2.0)
    rspec-expectations (3.2.1)
      diff-lcs (>= 1.2.0, < 2.0)
      rspec-support (~> 3.2.0)
    rspec-mocks (3.2.1)
      diff-lcs (>= 1.2.0, < 2.0)
      rspec-support (~> 3.2.0)
    rspec-support (3.2.2)
    thread_safe (0.3.5)
    thread_safe (0.3.5-java)
    tzinfo (1.2.2)
      thread_safe (~> 0.1)

PLATFORMS
  java
  ruby

DEPENDENCIES
  config_service
  rspec
